GIT
  remote: https://github.com/cub8/pedicel
  revision: ac88a322af8b9555ccbdfe4915589c369609ba37
  branch: raise-ruby-version
  specs:
    pedicel (1.1.0)
      dry-logic (~> 1.0)
      dry-schema (~> 1.9)
      dry-validation (= 1.9)

PATH
  remote: .
  specs:
    pedicel-pay (0.0.7)
      thor

GEM
  remote: https://rubygems.org/
  specs:
    concurrent-ruby (1.2.2)
    dry-configurable (0.16.1)
      dry-core (~> 0.6)
      zeitwerk (~> 2.6)
    dry-container (0.11.0)
      concurrent-ruby (~> 1.0)
    dry-core (0.9.1)
      concurrent-ruby (~> 1.0)
      zeitwerk (~> 2.6)
    dry-inflector (0.3.0)
    dry-initializer (3.1.1)
    dry-logic (1.3.0)
      concurrent-ruby (~> 1.0)
      dry-core (~> 0.9, >= 0.9)
      zeitwerk (~> 2.6)
    dry-schema (1.11.3)
      concurrent-ruby (~> 1.0)
      dry-configurable (~> 0.16, >= 0.16)
      dry-core (~> 0.9, >= 0.9)
      dry-initializer (~> 3.0)
      dry-logic (~> 1.3)
      dry-types (~> 1.6)
      zeitwerk (~> 2.6)
    dry-types (1.6.1)
      concurrent-ruby (~> 1.0)
      dry-container (~> 0.3)
      dry-core (~> 0.9, >= 0.9)
      dry-inflector (~> 0.1, >= 0.1.2)
      dry-logic (~> 1.3, >= 1.3)
      zeitwerk (~> 2.6)
    dry-validation (1.9.0)
      concurrent-ruby (~> 1.0)
      dry-container (~> 0.7, >= 0.7.1)
      dry-core (~> 0.9, >= 0.9)
      dry-initializer (~> 3.0)
      dry-schema (~> 1.11, >= 1.11.0)
      zeitwerk (~> 2.6)
    rake (12.3.3)
    thor (0.20.3)
    zeitwerk (2.6.11)

PLATFORMS
  x86_64-darwin-21

DEPENDENCIES
  pedicel!
  pedicel-pay!
  rake (~> 12.3)

BUNDLED WITH
   2.3.26
